PATH
  remote: .
  specs:
    zilliqa (0.1.6)
      bitcoin-ruby
      bundler (>= 2.2.33)
      google-protobuf
      jsonrpc-client
      pbkdf2-ruby
      ruby-bitcoin-secp256k1
      scrypt

GEM
  remote: https://rubygems.org/
  specs:
    bitcoin-ruby (0.0.20)
      eventmachine
      ffi
      scrypt
    byebug (11.1.3)
    coderay (1.1.3)
    eventmachine (1.2.7)
    faraday (2.7.10)
      faraday-net_http (>= 2.0, < 3.1)
      ruby2_keywords (>= 0.0.4)
    faraday-net_http (3.0.2)
    ffi (1.15.5)
    ffi-compiler (1.0.1)
      ffi (>= 1.0.0)
      rake
    google-protobuf (3.25.5)
    jsonrpc-client (0.1.4)
      faraday
      multi_json (>= 1.1.0)
    method_source (1.0.0)
    minitest (5.15.0)
    multi_json (1.15.0)
    pbkdf2-ruby (0.2.1)
    pry (0.14.2)
      coderay (~> 1.1)
      method_source (~> 1.0)
    pry-byebug (3.10.1)
      byebug (~> 11.0)
      pry (>= 0.13, < 0.15)
    rake (13.0.6)
    ruby-bitcoin-secp256k1 (0.5.2)
      ffi (>= 1.9.25)
    ruby2_keywords (0.0.5)
    scrypt (3.0.7)
      ffi-compiler (>= 1.0, < 2.0)

PLATFORMS
  ruby

DEPENDENCIES
  minitest (= 5.15)
  pry-byebug (~> 3.10)
  rake (~> 13.0)
  zilliqa!

BUNDLED WITH
   2.2.33
