PATH
  remote: .
  specs:
    zilliqa (0.1.4)
      bitcoin-ruby
      google-protobuf
      jsonrpc-client
      pbkdf2-ruby
      ruby-bitcoin-secp256k1
      scrypt

GEM
  remote: https://rubygems.org/
  specs:
    bitcoin-ruby (0.0.20)
      eventmachine
      ffi
      scrypt
    eventmachine (1.2.7)
    faraday (2.3.0)
      faraday-net_http (~> 2.0)
      ruby2_keywords (>= 0.0.4)
    faraday-net_http (2.0.3)
    ffi (1.15.5)
    ffi-compiler (1.0.1)
      ffi (>= 1.0.0)
      rake
    google-protobuf (3.21.2)
    jsonrpc-client (0.1.3)
      faraday
      multi_json (>= 1.1.0)
    minitest (5.16.1)
    multi_json (1.15.0)
    pbkdf2-ruby (0.2.1)
    rake (13.0.6)
    ruby-bitcoin-secp256k1 (0.5.2)
      ffi (>= 1.9.25)
    ruby2_keywords (0.0.5)
    scrypt (3.0.7)
      ffi-compiler (>= 1.0, < 2.0)

PLATFORMS
  ruby

DEPENDENCIES
  bundler (~> 1.16)
  minitest (~> 5.0)
  rake (~> 13.0)
  zilliqa!

BUNDLED WITH
   1.17.2
